GEM
  remote: https://rubygems.org/
  specs:
    Ascii85 (1.1.0)
    addressable (2.8.5)
      public_suffix (>= 2.0.2, < 6.0)
    afm (0.2.2)
    ast (2.4.2)
    async (2.6.5)
      console (~> 1.10)
      fiber-annotation
      io-event (~> 1.1)
      timers (~> 4.1)
    bundler-audit (0.9.1)
      bundler (>= 1.2.0, < 3)
      thor (~> 1.0)
    chef-utils (18.3.0)
      concurrent-ruby
    colorator (1.1.0)
    concurrent-ruby (1.2.2)
    console (1.23.2)
      fiber-annotation
      fiber-local
    em-websocket (0.5.3)
      eventmachine (>= 0.12.9)
      http_parser.rb (~> 0)
    ethon (0.16.0)
      ffi (>= 1.15.0)
    eventmachine (1.2.7)
    ffi (1.16.3)
    fiber-annotation (0.2.0)
    fiber-local (1.0.0)
    forwardable-extended (2.6.0)
    google-protobuf (3.25.0)
    hashery (2.1.2)
    html-proofer (5.0.8)
      addressable (~> 2.3)
      async (~> 2.1)
      nokogiri (~> 1.13)
      pdf-reader (~> 2.11)
      rainbow (~> 3.0)
      typhoeus (~> 1.3)
      yell (~> 2.0)
      zeitwerk (~> 2.5)
    htmlcompressor (0.4.0)
    http_parser.rb (0.8.0)
    i18n (1.14.1)
      concurrent-ruby (~> 1.0)
    io-event (1.3.3)
    jekyll (4.3.2)
      addressable (~> 2.4)
      colorator (~> 1.0)
      em-websocket (~> 0.5)
      i18n (~> 1.0)
      jekyll-sass-converter (>= 2.0, < 4.0)
      jekyll-watch (~> 2.0)
      kramdown (~> 2.3, >= 2.3.1)
      kramdown-parser-gfm (~> 1.0)
      liquid (~> 4.0)
      mercenary (>= 0.3.6, < 0.5)
      pathutil (~> 0.9)
      rouge (>= 3.0, < 5.0)
      safe_yaml (~> 1.0)
      terminal-table (>= 1.8, < 4.0)
      webrick (~> 1.7)
    jekyll-postcss (0.5.0)
    jekyll-redirect-from (0.16.0)
      jekyll (>= 3.3, < 5.0)
    jekyll-sass-converter (3.0.0)
      sass-embedded (~> 1.54)
    jekyll-watch (2.2.1)
      listen (~> 3.0)
    json (2.6.3)
    kramdown (2.4.0)
      rexml
    kramdown-parser-gfm (1.1.0)
      kramdown (~> 2.0)
    language_server-protocol (3.17.0.3)
    liquid (4.0.4)
    listen (3.8.0)
      rb-fsevent (~> 0.10, >= 0.10.3)
      rb-inotify (~> 0.9, >= 0.9.10)
    mdl (0.13.0)
      kramdown (~> 2.3)
      kramdown-parser-gfm (~> 1.1)
      mixlib-cli (~> 2.1, >= 2.1.1)
      mixlib-config (>= 2.2.1, < 4)
      mixlib-shellout
    mercenary (0.4.0)
    mini_portile2 (2.8.5)
    mixlib-cli (2.1.8)
    mixlib-config (3.0.27)
      tomlrb
    mixlib-shellout (3.2.7)
      chef-utils
    nokogiri (1.15.4)
      mini_portile2 (~> 2.8.2)
      racc (~> 1.4)
    parallel (1.23.0)
    parser (3.2.2.4)
      ast (~> 2.4.1)
      racc
    pathutil (0.16.2)
      forwardable-extended (~> 2.6)
    pdf-reader (2.11.0)
      Ascii85 (~> 1.0)
      afm (~> 0.2.1)
      hashery (~> 2.0)
      ruby-rc4
      ttfunk
    public_suffix (5.0.3)
    racc (1.7.3)
    rainbow (3.1.1)
    rake (13.1.0)
    rb-fsevent (0.11.2)
    rb-inotify (0.10.1)
      ffi (~> 1.0)
    regexp_parser (2.8.2)
    rexml (3.2.6)
    rouge (4.2.0)
    rubocop (1.57.2)
      json (~> 2.3)
      language_server-protocol (>= 3.17.0)
      parallel (~> 1.10)
      parser (>= 3.2.2.4)
      rainbow (>= 2.2.2, < 4.0)
      regexp_parser (>= 1.8, < 3.0)
      rexml (>= 3.2.5, < 4.0)
      rubocop-ast (>= 1.28.1, < 2.0)
      ruby-progressbar (~> 1.7)
      unicode-display_width (>= 2.4.0, < 3.0)
    rubocop-ast (1.30.0)
      parser (>= 3.2.1.0)
    rubocop-performance (1.19.1)
      rubocop (>= 1.7.0, < 2.0)
      rubocop-ast (>= 0.4.0)
    ruby-progressbar (1.13.0)
    ruby-rc4 (0.1.5)
    safe_yaml (1.0.5)
    sass (3.7.4)
      sass-listen (~> 4.0.0)
    sass-embedded (1.69.5)
      google-protobuf (~> 3.23)
      rake (>= 13.0.0)
    sass-listen (4.0.0)
      rb-fsevent (~> 0.9, >= 0.9.4)
      rb-inotify (~> 0.9, >= 0.9.7)
    scss_lint (0.60.0)
      sass (~> 3.5, >= 3.5.5)
    terminal-table (3.0.2)
      unicode-display_width (>= 1.1.1, < 3)
    thor (1.3.0)
    timers (4.3.5)
    tomlrb (2.0.3)
    ttfunk (1.7.0)
    typhoeus (1.4.0)
      ethon (>= 0.9.0)
    unicode-display_width (2.5.0)
    webrick (1.8.1)
    yell (2.2.2)
    yui-compressor (0.12.0)
    zeitwerk (2.6.12)

PLATFORMS
  ruby

DEPENDENCIES
  bundler-audit (= 0.9.1)
  html-proofer (= 5.0.8)
  htmlcompressor (= 0.4.0)
  jekyll (= 4.3.2)
  jekyll-postcss (= 0.5.0)
  jekyll-redirect-from (= 0.16.0)
  mdl (= 0.13.0)
  rubocop (= 1.57.2)
  rubocop-performance (= 1.19.1)
  scss_lint (= 0.60.0)
  yui-compressor (= 0.12.0)

BUNDLED WITH
   2.4.13
